PATH
  remote: .
  specs:
    sabredav_client (0.2.0)
      builder (~> 3.2)
      net-http-digest_auth (~> 1.4)

GEM
  remote: https://rubygems.org/
  specs:
    builder (3.2.2)
    diff-lcs (1.2.5)
    fakeweb (1.3.0)
    net-http-digest_auth (1.4)
    rspec (3.5.0)
      rspec-core (~> 3.5.0)
      rspec-expectations (~> 3.5.0)
      rspec-mocks (~> 3.5.0)
    rspec-core (3.5.2)
      rspec-support (~> 3.5.0)
    rspec-expectations (3.5.0)
      diff-lcs (>= 1.2.0, < 2.0)
      rspec-support (~> 3.5.0)
    rspec-mocks (3.5.0)
      diff-lcs (>= 1.2.0, < 2.0)
      rspec-support (~> 3.5.0)
    rspec-support (3.5.0)

PLATFORMS
  ruby

DEPENDENCIES
  fakeweb (~> 1.3)
  rspec (~> 3.5)
  sabredav_client!

BUNDLED WITH
   1.12.5
